GEM
  remote: https://rubygems.org/
  specs:
    diff-lcs (1.4.4)
    rspec (3.10.0)
      rspec-core (~> 3.10.0)
      rspec-expectations (~> 3.10.0)
      rspec-mocks (~> 3.10.0)
    rspec-core (3.10.1)
      rspec-support (~> 3.10.0)
    rspec-expectations (3.10.1)
      diff-lcs (>= 1.2.0, < 2.0)
      rspec-support (~> 3.10.0)
    rspec-mocks (3.10.2)
      diff-lcs (>= 1.2.0, < 2.0)
      rspec-support (~> 3.10.0)
    rspec-support (3.10.2)
    sequel (5.43.0)
    sequel_model (3.8.0)
      sequel (>= 3.8.0)

PLATFORMS
  x86_64-linux

DEPENDENCIES
  rspec (~> 3.4)
  sequel_model (~> 3.8)

RUBY VERSION
   ruby 3.0.1p64

BUNDLED WITH
   2.2.15
